GEM
  remote: https://rubygems.org/
  specs:
    cinch (2.2.3)
    dotenv (1.0.2)

PLATFORMS
  ruby

DEPENDENCIES
  cinch
  dotenv
